PATH
  remote: .
  specs:
    Rx.rb (0.0.1)

GEM
  remote: https://rubygems.org/
  specs:
    rake (10.0.3)

PLATFORMS
  ruby

DEPENDENCIES
  Rx.rb!
  rake
